GEM
  remote: https://rubygems.org/
  specs:
    coderay (1.1.3)
    method_source (1.0.0)
    pry (0.14.1)
      coderay (~> 1.1)
      method_source (~> 1.0)
    rack (2.2.3)

PLATFORMS
  arm64-darwin-20

DEPENDENCIES
  pry
  rack

BUNDLED WITH
   2.2.22
